##TITLE= Parameter file, TOPSPIN		Version 3.2
##JCAMPDX= 5.0
##DATATYPE= Parameter Values
##NPOINTS= 4	$$ modification sequence number
##ORIGIN= Bruker BioSpin GmbH
##OWNER= mica
$$ 2014-02-04 09:46:52.996 +0100  BORDEAUX-AQUITA\vzhendre@BAVO-mdebf064
$$ D:/Data/VZ/nmr/VZBBI_13R03_GABA/8/pdata/1/proc
$$ process C:\Bruker\TopSpin3.2\prog\mod\dataserver.exe
##$ABSF1= 10
##$ABSF2= 0
##$ABSG= 5
##$ABSL= 3
##$ALPHA= 0
##$AQORDER= 0
##$ASSFAC= 0
##$ASSFACI= 0
##$ASSFACX= 0
##$ASSWID= 0
##$AUNMP= <proc_1d>
##$AXLEFT= 0
##$AXNAME= <>
##$AXNUC= <off>
##$AXRIGHT= 0
##$AXTYPE= 0
##$AXUNIT= <>
##$AZFE= 0.1
##$AZFW= 0.1
##$BCFW= 1
##$BC_mod= 2
##$BYTORDP= 0
##$COROFFS= 0
##$CY= 15
##$DATMOD= 1
##$DC= 2
##$DFILT= <>
##$DTYPP= 0
##$ERETIC= no
##$F1P= 1.54199519077196
##$F2P= 0.696641091885488
##$FCOR= 0.5
##$FTSIZE= 32768
##$FT_mod= 4
##$GAMMA= 1
##$GB= 0
##$INTBC= 1
##$INTSCL= 1
##$ISEN= 128
##$LB= 1
##$LEV0= 0
##$LPBIN= 0
##$MAXI= 10000
##$MC2= 0
##$MEAN= 0
##$ME_mod= 0
##$MI= 0
##$MddCEXP= no
##$MddCT_SP= no
##$MddF180= no
##$MddLAMBDA= 0
##$MddMEMORY= 0
##$MddMERGE= 23
##$MddNCOMP= 0
##$MddNITER= 0
##$MddNOISE= 0.8
##$MddPHASE= 0
##$MddSEED= 0
##$MddSRSIZE= 0
##$Mdd_CsALG= 0
##$Mdd_CsLAMBDA= 1
##$Mdd_CsNITER= 0
##$Mdd_CsNORM= 0
##$Mdd_CsZF= 0
##$Mdd_mod= 0
##$NCOEF= 0
##$NC_proc= 0
##$NLEV= 6
##$NOISF1= 0
##$NOISF2= 0
##$NSP= 1
##$NTH_PI= 0
##$NZP= 0
##$OFFSET= 202.4913
##$PC= 1
##$PHC0= -186.6414
##$PHC1= 4.224797
##$PH_mod= 0
##$PKNL= yes
##$PPARMOD= 0
##$PPDIAG= 0
##$PPIPTYP= 0
##$PPMPNUM= 2147483647
##$PPRESOL= 1
##$PSCAL= 0
##$PSIGN= 2
##$PYNMP= <proc.py>
##$REVERSE= no
##$SF= 125.764971327016
##$SI= 32768
##$SIGF1= 0
##$SIGF2= 0
##$SINO= 400
##$SIOLD= 32768
##$SPECTYP= <>
##$SREGLST= <13C.D2O>
##$SSB= 0
##$STSI= 0
##$STSR= 0
##$SW_p= 27573.5294117647
##$SYMM= 0
##$S_DEV= 0
##$TDeff= 0
##$TDoff= 0
##$TI= <>
##$TILT= no
##$TM1= 0
##$TM2= 0
##$TOPLEV= 0
##$USERP1= <user>
##$USERP2= <user>
##$USERP3= <user>
##$USERP4= <user>
##$USERP5= <user>
##$WDW= 1
##$XDIM= 8192
##$YMAX_p= 0
##$YMIN_p= 0
##END=
